GEM
  remote: https://rubygems.org/
  specs:
    builder (3.2.1)
    coderay (1.0.9)
    diff-lcs (1.2.4)
    ffi (1.8.1)
    formatador (0.2.4)
    guard (1.8.0)
      formatador (>= 0.2.4)
      listen (>= 1.0.0)
      lumberjack (>= 1.0.2)
      pry (>= 0.9.10)
      thor (>= 0.14.6)
    guard-bundler (1.0.0)
      bundler (~> 1.0)
      guard (~> 1.1)
    guard-rspec (3.0.1)
      guard (>= 1.8)
      rspec (~> 2.13)
    kwalify (0.7.2)
    listen (1.1.4)
      rb-fsevent (>= 0.9.3)
      rb-inotify (>= 0.9)
      rb-kqueue (>= 0.2)
    lumberjack (1.0.3)
    method_source (0.8.1)
    net-scp (1.1.1)
      net-ssh (>= 2.6.5)
    net-ssh (2.6.7)
    nokogiri (1.5.9)
    pry (0.9.12.2)
      coderay (~> 1.0.5)
      method_source (~> 0.8)
      slop (~> 3.4)
    rb-fsevent (0.9.3)
    rb-inotify (0.9.0)
      ffi (>= 0.5.0)
    rb-kqueue (0.2.0)
      ffi (>= 0.5.0)
    rbvmomi (1.6.0)
      builder
      nokogiri (>= 1.4.1)
      trollop
    rspec (2.13.0)
      rspec-core (~> 2.13.0)
      rspec-expectations (~> 2.13.0)
      rspec-mocks (~> 2.13.0)
    rspec-core (2.13.1)
    rspec-expectations (2.13.0)
      diff-lcs (>= 1.1.3, < 2.0)
    rspec-mocks (2.13.1)
    rspec-system (1.5.0)
      kwalify
      net-scp
      net-ssh (~> 2.6)
      rbvmomi
      rspec
      systemu
    ruby_gntp (0.3.4)
    slop (3.4.5)
    systemu (2.5.2)
    thor (0.18.1)
    trollop (2.0)

PLATFORMS
  ruby

DEPENDENCIES
  ffi
  guard
  guard-bundler
  guard-rspec
  rspec
  rspec-system
  ruby_gntp
